GEM
  remote: https://rubygems.org/
  specs:
    multi_json (1.3.7)
    rack (1.5.2)
    rack-protection (1.5.0)
      rack
    rake (10.1.0)
    sinatra (1.4.3)
      rack (~> 1.4)
      rack-protection (~> 1.4)
      tilt (~> 1.3, >= 1.3.4)
    sinatra-jsonp (0.4.2)
      multi_json (~> 1.3.7)
      sinatra (~> 1.0)
    tilt (1.4.1)

PLATFORMS
  ruby

DEPENDENCIES
  rake
  sinatra
  sinatra-jsonp
